GEM
  remote: https://rubygems.org/
  specs:
    font-awesome-sass (4.5.0)
      sass (>= 3.2)
    sass (3.4.21)

PLATFORMS
  x64-mingw32

DEPENDENCIES
  font-awesome-sass

BUNDLED WITH
   1.10.6
